GEM
  remote: https://rubygems.org/
  specs:
    curb (0.9.7)
    diff-lcs (1.3)
    mustermann (1.0.3)
    rack (2.2.2)
    rack-protection (2.0.4)
      rack
    rake (12.3.3)
    redis (4.0.3)
    rspec (3.8.0)
      rspec-core (~> 3.8.0)
      rspec-expectations (~> 3.8.0)
      rspec-mocks (~> 3.8.0)
    rspec-core (3.8.0)
      rspec-support (~> 3.8.0)
    rspec-expectations (3.8.2)
      diff-lcs (>= 1.2.0, < 2.0)
      rspec-support (~> 3.8.0)
    rspec-mocks (3.8.0)
      diff-lcs (>= 1.2.0, < 2.0)
      rspec-support (~> 3.8.0)
    rspec-support (3.8.0)
    sinatra (2.0.4)
      mustermann (~> 1.0)
      rack (~> 2.0)
      rack-protection (= 2.0.4)
      tilt (~> 2.0)
    tilt (2.0.9)

PLATFORMS
  ruby

DEPENDENCIES
  curb
  rake
  redis
  rspec
  sinatra

BUNDLED WITH
   1.16.6
